GEM
  remote: https://rubygems.org/
  specs:
    ast (2.4.2)
    base64 (0.2.0)
    connection_pool (2.4.1)
    eventmachine (1.2.7)
    faraday (2.11.0)
      faraday-net_http (>= 2.0, < 3.4)
      logger
    faraday-multipart (1.0.4)
      multipart-post (~> 2)
    faraday-net_http (3.3.0)
      net-http
    faraday-net_http_persistent (2.2.0)
      faraday (~> 2.5)
      net-http-persistent (>= 4.0.4, < 5)
    faye-websocket (0.11.3)
      eventmachine (>= 0.12.0)
      websocket-driver (>= 0.5.1)
    json (2.7.2)
    jwt (2.9.0)
      base64
    logger (1.6.1)
    multipart-post (2.4.1)
    mustermann (3.0.3)
      ruby2_keywords (~> 0.0.1)
    net-http (0.4.1)
      uri
    net-http-persistent (4.0.4)
      connection_pool (~> 2.2)
    nio4r (2.7.3)
    parallel (1.26.3)
    parser (3.3.5.0)
      ast (~> 2.4.1)
      racc
    puma (6.4.2)
      nio4r (~> 2.0)
    racc (1.8.1)
    rack (3.1.7)
    rack-protection (4.0.0)
      base64 (>= 0.1.0)
      rack (>= 3.0.0, < 4)
    rack-session (2.0.0)
      rack (>= 3.0.0)
    rackup (2.1.0)
      rack (>= 3)
      webrick (~> 1.8)
    rainbow (3.1.1)
    regexp_parser (2.9.2)
    rexml (3.3.7)
    rubocop (1.38.0)
      json (~> 2.3)
      parallel (~> 1.10)
      parser (>= 3.1.2.1)
      rainbow (>= 2.2.2, < 4.0)
      regexp_parser (>= 1.8, < 3.0)
      rexml (>= 3.2.5, < 4.0)
      rubocop-ast (>= 1.23.0, < 2.0)
      ruby-progressbar (~> 1.7)
      unicode-display_width (>= 1.4.0, < 3.0)
    rubocop-ast (1.32.3)
      parser (>= 3.3.1.0)
    rubocop-performance (1.19.1)
      rubocop (>= 1.7.0, < 2.0)
      rubocop-ast (>= 0.4.0)
    rubocop-require_tools (0.1.2)
      rubocop (>= 0.49.1)
    ruby-progressbar (1.13.0)
    ruby2_keywords (0.0.5)
    sinatra (4.0.0)
      mustermann (~> 3.0)
      rack (>= 3.0.0, < 4)
      rack-protection (= 4.0.0)
      rack-session (>= 2.0.0, < 3)
      tilt (~> 2.0)
    sorbet-runtime (0.5.11558)
    stream-chat-ruby (3.0.0)
      faraday
      faraday-multipart
      faraday-net_http_persistent
      jwt
      net-http-persistent
      sorbet-runtime
    tilt (2.4.0)
    unicode-display_width (2.6.0)
    uri (0.13.1)
    webrick (1.8.1)
    websocket-driver (0.7.6)
      websocket-extensions (>= 0.1.0)
    websocket-extensions (0.1.5)

PLATFORMS
  ruby

DEPENDENCIES
  eventmachine
  faye-websocket
  puma
  rackup
  rubocop (= 1.38)
  rubocop-performance
  rubocop-require_tools
  sinatra
  stream-chat-ruby

BUNDLED WITH
   2.5.17
